PATH
  remote: .
  specs:
    em_pessimistic (0.2.0)
      eventmachine (~> 1.0)

GEM
  remote: http://rubygems.org/
  specs:
    em-minitest-spec (1.1.1)
      eventmachine
    eventmachine (1.0.0)
    fosl (0.0.1)
    minitest (2.12.1)
    rake (0.9.2.2)

PLATFORMS
  ruby

DEPENDENCIES
  em-minitest-spec (~> 1.1)
  em_pessimistic!
  fosl (~> 0.0.1)
  minitest (~> 2.0)
  rake (~> 0.9)
