PATH
  remote: .
  specs:
    em_pessimistic (0.1.0)
      eventmachine (~> 0.12)

GEM
  remote: http://rubygems.org/
  specs:
    em-minitest-spec (1.1.1)
      eventmachine
    eventmachine (0.12.10)
    minitest (2.12.1)
    rake (0.9.2.2)

PLATFORMS
  ruby

DEPENDENCIES
  em-minitest-spec (~> 1.1)
  em_pessimistic!
  minitest (~> 2.0)
  rake (~> 0.9)
